GEM
  remote: http://rubygems.org/
  specs:
    addressable (2.2.5)
    diff-lcs (1.1.2)
    dm-core (1.1.0)
      addressable (~> 2.2.4)
    dm-migrations (1.1.0)
      dm-core (~> 1.1.0)
    dm-timestamps (1.1.0)
      dm-core (~> 1.1.0)
    faraday (0.6.1)
      addressable (~> 2.2.4)
      multipart-post (~> 1.1.0)
      rack (>= 1.1.0, < 2)
    ffi (1.0.7)
      rake (>= 0.8.7)
    git (1.2.5)
    guard (0.3.3)
      thor (~> 0.14.6)
    guard-bundler (0.1.2)
      guard (>= 0.2.2)
    guard-ego (0.0.1)
      guard (>= 0.2.1)
    guard-rspec (0.2.0)
      guard (>= 0.2.2)
    guard-spork (0.1.10)
      guard (>= 0.2.2)
      spork (>= 0.8.4)
    jeweler (1.5.2)
      bundler (~> 1.0.0)
      git (>= 1.2.5)
      rake
    libnotify (0.3.0)
      ffi (>= 0.6.2)
    multipart-post (1.1.0)
    rack (1.2.2)
    rake (0.8.7)
    rb-inotify (0.8.4)
      ffi (>= 0.5.0)
    rcov (0.9.9)
    rspec (2.3.0)
      rspec-core (~> 2.3.0)
      rspec-expectations (~> 2.3.0)
      rspec-mocks (~> 2.3.0)
    rspec-core (2.3.1)
    rspec-expectations (2.3.0)
      diff-lcs (~> 1.1.2)
    rspec-mocks (2.3.0)
    spork (0.8.4)
    thor (0.14.6)
    vcr (1.9.0)
    yard (0.6.8)

PLATFORMS
  ruby

DEPENDENCIES
  bundler (~> 1.0.0)
  dm-core (~> 1.0)
  dm-migrations (~> 1.0)
  dm-timestamps (~> 1.0)
  faraday (~> 0.6.1)
  guard (~> 0.3.3)
  guard-bundler (= 0.1.2)
  guard-ego (~> 0.0.1)
  guard-rspec (= 0.2.0)
  guard-spork (~> 0.1.10)
  jeweler (~> 1.5.2)
  libnotify
  rb-inotify
  rcov
  rspec (~> 2.3.0)
  vcr (~> 1.9.0)
  yard (~> 0.6.0)
